GEM
  remote: https://rubygems.org/
  specs:
    kramdown (1.8.0)
    posix-spawn (0.3.11)
    pygments.rb (0.6.3)
      posix-spawn (~> 0.3.6)
      yajl-ruby (~> 1.2.0)
    yajl-ruby (1.2.1)

PLATFORMS
  ruby

DEPENDENCIES
  kramdown
  pygments.rb

BUNDLED WITH
   1.10.5
